GIT
  remote: https://gist.github.com/heiz123/8cc46e49b891537f9d7c.git
  revision: 720ffc002e320f7ffd5f81c7264aed6a4b3fc567
  specs:
    gamba (0.0.1)
    melda (0.0.1)

GEM
  remote: https://rubygems.org/
  specs:
    activesupport (4.2.1)
      i18n (~> 0.7)
      json (~> 1.7, >= 1.7.7)
      minitest (~> 5.1)
      thread_safe (~> 0.3, >= 0.3.4)
      tzinfo (~> 1.1)
    chrono (0.0.6)
      activesupport
    dotenv (2.0.1)
    faraday (0.9.1)
      multipart-post (>= 1.2, < 3)
    faraday_middleware (0.9.1)
      faraday (>= 0.7.4, < 0.10)
    i18n (0.7.0)
    json (1.8.2)
    mem (0.1.5)
    minitest (5.6.0)
    multipart-post (2.0.0)
    rake (10.4.2)
    ruboty (1.2.2)
      activesupport
      bundler
      dotenv
      mem
      slop
    ruboty-alias (0.0.7)
      ruboty (>= 1.1.1)
    ruboty-cron (1.0.0)
      activesupport
      chrono
      ruboty (>= 0.2.0)
    ruboty-google_image (0.0.7)
      faraday
      faraday_middleware
      ruboty
    ruboty-slack (0.1.7)
      ruboty (>= 1.0.4)
      xrc (>= 0.0.6)
    slop (4.0.0)
    thread_safe (0.3.5)
    tzinfo (1.2.2)
      thread_safe (~> 0.1)
    xrc (0.1.5)
      activesupport

PLATFORMS
  ruby

DEPENDENCIES
  gamba!
  melda!
  rake
  ruboty-alias
  ruboty-cron
  ruboty-google_image
  ruboty-slack
